PATH
  remote: .
  specs:
    staros (0.1.0)

GEM
  remote: https://rubygems.org/
  specs:
    minitest (5.10.3)
    net-ssh (3.2.0)
    rake (10.4.2)

PLATFORMS
  ruby

DEPENDENCIES
  bundler (~> 1.13)
  minitest (~> 5.0)
  net-ssh
  rake (~> 10.0)
  staros!

BUNDLED WITH
   1.13.7
